GEM
  remote: http://rubygems.org/
  specs:
    abstract (1.0.0)
    actionmailer (3.0.7)
      actionpack (= 3.0.7)
      mail (~> 2.2.15)
    actionpack (3.0.7)
      activemodel (= 3.0.7)
      activesupport (= 3.0.7)
      builder (~> 2.1.2)
      erubis (~> 2.6.6)
      i18n (~> 0.5.0)
      rack (~> 1.2.1)
      rack-mount (~> 0.6.14)
      rack-test (~> 0.5.7)
      tzinfo (~> 0.3.23)
    activemodel (3.0.7)
      activesupport (= 3.0.7)
      builder (~> 2.1.2)
      i18n (~> 0.5.0)
    activerecord (3.0.7)
      activemodel (= 3.0.7)
      activesupport (= 3.0.7)
      arel (~> 2.0.2)
      tzinfo (~> 0.3.23)
    activeresource (3.0.7)
      activemodel (= 3.0.7)
      activesupport (= 3.0.7)
    activesupport (3.0.7)
    acts_as_commentable (3.0.1)
    arel (2.0.10)
    bcrypt-ruby (2.1.4-x86-mingw32)
    builder (2.1.2)
    cocaine (0.1.0)
    devise (1.3.4)
      bcrypt-ruby (~> 2.1.2)
      orm_adapter (~> 0.0.3)
      warden (~> 1.0.3)
    diff-lcs (1.1.2)
    erubis (2.6.6)
      abstract (>= 1.0.0)
    faker (0.3.1)
<<<<<<< HEAD
=======
    hoe (2.9.6)
      rake (~> 0.8)
>>>>>>> eb2b69e19f0aba86f85859414b8a6260d7286162
    i18n (0.5.0)
    mail (2.2.19)
      activesupport (>= 2.3.6)
      i18n (>= 0.4.0)
      mime-types (~> 1.16)
      treetop (~> 1.4.8)
    mime-types (1.16)
<<<<<<< HEAD
    orm_adapter (0.0.5)
    paperclip (2.3.16)
=======
    minitest (2.2.2)
    orm_adapter (0.0.5)
    paperclip (2.3.15)
>>>>>>> eb2b69e19f0aba86f85859414b8a6260d7286162
      activerecord (>= 2.3.0)
      activesupport (>= 2.3.2)
      cocaine (>= 0.0.2)
      mime-types
<<<<<<< HEAD
    polyglot (0.3.2)
=======
    polyglot (0.3.1)
>>>>>>> eb2b69e19f0aba86f85859414b8a6260d7286162
    rack (1.2.3)
    rack-mount (0.6.14)
      rack (>= 1.0.0)
    rack-test (0.5.7)
      rack (>= 1.0)
    rails (3.0.7)
      actionmailer (= 3.0.7)
      actionpack (= 3.0.7)
      activerecord (= 3.0.7)
      activeresource (= 3.0.7)
      activesupport (= 3.0.7)
      bundler (~> 1.0)
      railties (= 3.0.7)
    railties (3.0.7)
      actionpack (= 3.0.7)
      activesupport (= 3.0.7)
      rake (>= 0.8.7)
      thor (~> 0.14.4)
<<<<<<< HEAD
    rake (0.8.7)
=======
    rake (0.9.2)
>>>>>>> eb2b69e19f0aba86f85859414b8a6260d7286162
    rspec (2.0.0)
      rspec-core (= 2.0.0)
      rspec-expectations (= 2.0.0)
      rspec-mocks (= 2.0.0)
    rspec-core (2.0.0)
    rspec-expectations (2.0.0)
      diff-lcs (>= 1.1.2)
    rspec-mocks (2.0.0)
      rspec-core (= 2.0.0)
      rspec-expectations (= 2.0.0)
    rspec-rails (2.0.0)
      rspec (= 2.0.0)
<<<<<<< HEAD
    sqlite3 (1.3.4-x86-mingw32)
    sqlite3-ruby (1.3.3)
      sqlite3 (>= 1.3.3)
    thor (0.14.6)
    treetop (1.4.10)
      polyglot
      polyglot (>= 0.3.1)
    tzinfo (0.3.29)
    warden (1.0.5)
=======
    sqlite3 (1.3.3-x86-mingw32)
    sqlite3-ruby (1.3.3)
      sqlite3 (>= 1.3.3)
    thor (0.14.6)
    treetop (1.4.9)
      polyglot (>= 0.3.1)
    tzinfo (0.3.29)
    warden (1.0.4)
>>>>>>> eb2b69e19f0aba86f85859414b8a6260d7286162
      rack (>= 1.0)
    will_paginate (3.0.pre2)

PLATFORMS
  x86-mingw32

DEPENDENCIES
  acts_as_commentable
<<<<<<< HEAD
  devise (~> 1.3.4)
  faker (= 0.3.1)
  paperclip
  rails (= 3.0.7)
  rake (= 0.8.7)
  rspec-rails (= 2.0.0)
  sqlite3
  sqlite3-ruby
=======
  bcrypt-ruby (~> 2.1.4)
  devise (~> 1.3.4)
  faker (= 0.3.1)
  hoe (~> 2.9.4)
  minitest (~> 2.2.2)
  orm_adapter (~> 0.0.5)
  paperclip
  rails (= 3.0.7)
  rspec-rails (= 2.0.0)
  sqlite3
  sqlite3-ruby
  warden (~> 1.0.4)
>>>>>>> eb2b69e19f0aba86f85859414b8a6260d7286162
  will_paginate (= 3.0.pre2)
